GEM
  remote: https://rubygems.org/
  specs:
    rack (2.2.3)

PLATFORMS
  x64-mingw32

DEPENDENCIES
  rack

RUBY VERSION
   ruby 3.0.0p0

BUNDLED WITH
   2.2.3
