GEM
  remote: https://rubygems.org/
  specs:
    nio4r (2.5.7)
    puma (5.2.2)
      nio4r (~> 2.0)

PLATFORMS
  x64-mingw32

DEPENDENCIES
  puma

RUBY VERSION
   ruby 3.0.0p0

BUNDLED WITH
   2.2.3
